PATH
  remote: .
  specs:
    throttler (0.2.3)

GEM
  remote: http://rubygems.org/
  specs:

PLATFORMS
  ruby

DEPENDENCIES
  throttler!
